PATH
  remote: .
  specs:
    env_config (0.1.0)
      dry-core (~> 0.1)

GEM
  remote: https://rubygems.org/
  specs:
    concurrent-ruby (1.3.4)
    diff-lcs (1.5.1)
    dry-core (0.9.1)
      concurrent-ruby (~> 1.0)
      zeitwerk (~> 2.6)
    language_server-protocol (3.17.0.3)
    logger (1.6.0)
    prism (0.30.0)
    rake (12.3.3)
    rbs (3.5.2)
      logger
    rspec (3.13.0)
      rspec-core (~> 3.13.0)
      rspec-expectations (~> 3.13.0)
      rspec-mocks (~> 3.13.0)
    rspec-core (3.13.0)
      rspec-support (~> 3.13.0)
    rspec-expectations (3.13.1)
      diff-lcs (>= 1.2.0, < 2.0)
      rspec-support (~> 3.13.0)
    rspec-mocks (3.13.1)
      diff-lcs (>= 1.2.0, < 2.0)
      rspec-support (~> 3.13.0)
    rspec-support (3.13.1)
    ruby-lsp (0.17.12)
      language_server-protocol (~> 3.17.0)
      prism (>= 0.29.0, < 0.31)
      rbs (>= 3, < 4)
      sorbet-runtime (>= 0.5.10782)
    sorbet-runtime (0.5.11519)
    zeitwerk (2.6.17)

PLATFORMS
  ruby

DEPENDENCIES
  env_config!
  rake (~> 12.0)
  rspec (~> 3.8)
  ruby-lsp (~> 0.17.12)

BUNDLED WITH
   2.5.17
